GIT
  remote: https://github.com/vitoravelino/toto.git
  revision: 511b4fd2eb5de584c501a5cd7bdffb2c9771bfe9
  specs:
    toto (0.4.10)
      builder
      r18n-core
      rack
      rdiscount

GEM
  remote: http://rubygems.org/
  specs:
    backports (2.6.1)
    builder (3.0.0)
    eventmachine (0.12.10)
    i18n (0.6.0)
    mail (2.4.4)
      i18n (>= 0.4.0)
      mime-types (~> 1.16)
      treetop (~> 1.4.8)
    mime-types (1.19)
    newrelic_rpm (3.4.1)
    polyglot (0.3.3)
    pony (1.4)
      mail (> 2.0)
    r18n-core (1.1.0)
    rack (1.4.1)
    rack-contrib (1.1.0)
      rack (>= 0.9.1)
    rack-flash3 (1.0.1)
      rack
      rack
    rack-protection (1.2.0)
      rack
    rack-rewrite (1.2.1)
    rack-test (0.6.1)
      rack (>= 1.0)
    rdiscount (1.6.8)
    sinatra (1.3.2)
      rack (~> 1.3, >= 1.3.6)
      rack-protection (~> 1.2)
      tilt (~> 1.3, >= 1.3.3)
    sinatra-contrib (1.3.1)
      backports (>= 2.0)
      eventmachine
      rack-protection
      rack-test
      sinatra (~> 1.3.0)
      tilt (~> 1.3)
    sinatra-r18n (1.1.0)
      r18n-core (= 1.1.0)
      sinatra (>= 1.3)
    sinatra-redirect-with-flash (0.2.0)
      sinatra (>= 1.0.0)
    tilt (1.3.3)
    treetop (1.4.10)
      polyglot
      polyglot (>= 0.3.1)

PLATFORMS
  ruby

DEPENDENCIES
  newrelic_rpm
  pony
  r18n-core
  rack
  rack-contrib
  rack-flash3
  rack-rewrite
  rdiscount
  sinatra
  sinatra-contrib
  sinatra-r18n
  sinatra-redirect-with-flash
  toto (= 0.4.10)!
